{
  "Modality": "MR",
  "MagneticFieldStrength": 3,
  "Manufacturer": "Siemens",
  "ManufacturersModelName": "Prisma_fit",
  "InstitutionName": "NeuroSpin",
  "InstitutionalDepartmentName": "Department",
  "InstitutionAddress": "Street_N306_SACLAY_IdF_FR_91400",
  "DeviceSerialNumber": "67069",
  "StationName": "MRCTRIO",
  "BodyPartExamined": "HEAD",
  "PatientPosition": "HFS",
  "ProcedureStepDescription": "Protocoles_Le_Petit_Prince",
  "SoftwareVersions": "syngo_MR_E11",
  "MRAcquisitionType": "2D",
  "SeriesDescription": "SMS1_epi3.75mm_3echos_PF7_8_309rep_Echo_1",
  "ProtocolName": "SMS1_epi3.75mm_3echos_PF7_8_309rep",
  "ScanningSequence": "EP",
  "SequenceVariant": "SK_SP",
  "ScanOptions": "PFP_FS",
  "SequenceName": "DG-v_Feb_16_2017",
  "ImageType": [
    "ORIGINAL",
    "PRIMARY",
    "M",
    "ND",
    "ECHO",
    "01",
    "COMBINED",
    "MOSAIC"
  ],
  "SeriesNumber": 9,
  "AcquisitionTime": "14:06:0.702500",
  "AcquisitionNumber": 1,
  "ImageComments": "E01_Com",
  "SliceThickness": 3.8,
  "SpacingBetweenSlices": 3.8,
  "SAR": 0.0815821,
  "EchoNumber": 2,
  "EchoTime": 0.02446,
  "RepetitionTime": 2,
  "FlipAngle": 77,
  "PartialFourier": 0.875,
  "BaseResolution": 64,
  "ShimSetting": [
    -612,
    2356,
    -684,
    611,
    51,
    159,
    25,
    -14
  ],
  "TxRefAmp": 247.543,
  "PhaseResolution": 1,
  "ReceiveCoilName": "HeadNeck_64",
  "ReceiveCoilActiveElements": "HC1-7",
  "PulseSequenceDetails": "%CustomerSeq%_ep2d_bold_1055",
  "ConsistencyInfo": "N4_VE11C_LATEST_20160120",
  "PercentPhaseFOV": 100,
  "EchoTrainLength": 27,
  "PhaseEncodingSteps": 55,
  "AcquisitionMatrixPE": 64,
  "ReconMatrixPE": 64,
  "BandwidthPerPixelPhaseEncode": 63.776,
  "ParallelReductionFactorInPlane": 2,
  "EffectiveEchoSpacing": 0.000244998,
  "DerivedVendorReportedEchoSpacing": 0.000489996,
  "TotalReadoutTime": 0.0154349,
  "PixelBandwidth": 2440,
  "DwellTime": 3.2e-06,
  "PhaseEncodingDirection": "j-",
  "SliceTiming": [
    0.99,
    0,
    1.0475,
    0.0575,
    1.105,
    0.115,
    1.165,
    0.175,
    1.2225,
    0.2325,
    1.28,
    0.29,
    1.3375,
    0.3475,
    1.3975,
    0.4075,
    1.455,
    0.465,
    1.5125,
    0.5225,
    1.5725,
    0.5825,
    1.63,
    0.64,
    1.6875,
    0.6975,
    1.745,
    0.7575,
    1.805,
    0.815,
    1.8625,
    0.8725,
    1.92,
    0.93
  ],
  "ImageOrientationPatientDICOM": [
    1,
    0,
    0,
    0,
    0.992966,
    0.118404
  ],
  "InPlanePhaseEncodingDirectionDICOM": "COL",
  "ConversionSoftware": "dcm2niix",
  "ConversionSoftwareVersion": "v1.0.20180622 GCC5.3.1",
  "TaskName": "lppFR"
}
